REDIRECTS: OFF
COPY-CONTENT-TO-OUTPUT-DIR: ALWAYS
CONTENT: ONCE
RESTRICTION: == net472
NUGET
  remote: https://api.nuget.org/v3/index.json
    Castle.Core (4.3.1)
    DataAnnotationsValidator (2.1)
    FluentAssertions (5.6)
    Gigya.ServiceContract (2.7.1)
      Newtonsoft.Json (>= 9.0.1)
    Metrics.NET (0.5.5)
    Microsoft.Bcl (1.1.10)
      Microsoft.Bcl.Build (>= 1.0.14)
    Microsoft.Bcl.Async (1.0.168)
      Microsoft.Bcl (>= 1.1.8)
    Microsoft.Bcl.Build (1.0.21) - import_targets: false
    Microsoft.CodeAnalysis.Analyzers (2.6.3)
    Microsoft.CodeAnalysis.Common (3.0)
      Microsoft.CodeAnalysis.Analyzers (>= 2.6.2-beta2)
      System.Collections.Immutable (>= 1.5)
      System.Memory (>= 4.5.1)
      System.Reflection.Metadata (>= 1.6)
      System.Runtime.CompilerServices.Unsafe (>= 4.5)
      System.Text.Encoding.CodePages (>= 4.5)
      System.Threading.Tasks.Extensions (>= 4.5)
    Microsoft.CodeAnalysis.CSharp (3.0)
      Microsoft.CodeAnalysis.Common (3.0)
    Microsoft.DotNet.PlatformAbstractions (2.1)
      System.Runtime.InteropServices.RuntimeInformation (>= 4.0)
    Microsoft.Extensions.Configuration (2.2)
      Microsoft.Extensions.Configuration.Abstractions (>= 2.2)
    Microsoft.Extensions.Configuration.Abstractions (2.2)
      Microsoft.Extensions.Primitives (>= 2.2)
    Microsoft.Extensions.Configuration.Binder (2.2.4)
      Microsoft.Extensions.Configuration (>= 2.2)
    Microsoft.Extensions.DependencyInjection (2.2)
      Microsoft.Extensions.DependencyInjection.Abstractions (>= 2.2)
    Microsoft.Extensions.DependencyInjection.Abstractions (2.2)
    Microsoft.Extensions.DependencyModel (2.1)
      Microsoft.DotNet.PlatformAbstractions (>= 2.1)
      Newtonsoft.Json (>= 9.0.1)
    Microsoft.Extensions.FileProviders.Abstractions (2.2)
      Microsoft.Extensions.Primitives (>= 2.2)
    Microsoft.Extensions.Hosting.Abstractions (2.2)
      Microsoft.Extensions.Configuration.Abstractions (>= 2.2)
      Microsoft.Extensions.DependencyInjection.Abstractions (>= 2.2)
      Microsoft.Extensions.FileProviders.Abstractions (>= 2.2)
      Microsoft.Extensions.Logging.Abstractions (>= 2.2)
    Microsoft.Extensions.Logging (2.2)
      Microsoft.Extensions.Configuration.Binder (>= 2.2)
      Microsoft.Extensions.DependencyInjection.Abstractions (>= 2.2)
      Microsoft.Extensions.Logging.Abstractions (>= 2.2)
      Microsoft.Extensions.Options (>= 2.2)
    Microsoft.Extensions.Logging.Abstractions (2.2)
    Microsoft.Extensions.Logging.Configuration (2.2)
      Microsoft.Extensions.Logging (>= 2.2)
      Microsoft.Extensions.Options.ConfigurationExtensions (>= 2.2)
    Microsoft.Extensions.Logging.Console (2.2)
      Microsoft.Extensions.Configuration.Abstractions (>= 2.2)
      Microsoft.Extensions.Logging (>= 2.2)
      Microsoft.Extensions.Logging.Configuration (>= 2.2)
    Microsoft.Extensions.Options (2.2)
      Microsoft.Extensions.DependencyInjection.Abstractions (>= 2.2)
      Microsoft.Extensions.Primitives (>= 2.2)
      System.ComponentModel.Annotations (>= 4.5)
    Microsoft.Extensions.Options.ConfigurationExtensions (2.2)
      Microsoft.Extensions.Configuration.Abstractions (>= 2.2)
      Microsoft.Extensions.Configuration.Binder (>= 2.2)
      Microsoft.Extensions.DependencyInjection.Abstractions (>= 2.2)
      Microsoft.Extensions.Options (>= 2.2)
    Microsoft.Extensions.Primitives (2.2)
      System.Memory (>= 4.5.1)
      System.Runtime.CompilerServices.Unsafe (>= 4.5.1)
    Microsoft.NETCore.Platforms (2.2)
    Microsoft.Orleans.Client (2.3.2)
      Microsoft.Orleans.OrleansProviders (>= 2.3.2)
    Microsoft.Orleans.Clustering.AdoNet (2.3.2)
      Microsoft.Orleans.OrleansProviders (>= 2.3.2)
      Microsoft.Orleans.Runtime.Abstractions (>= 2.3.2)
      System.Data.Common (>= 4.3)
    Microsoft.Orleans.Core (2.3.2)
      Microsoft.Extensions.Configuration (>= 2.1.1)
      Microsoft.Extensions.DependencyInjection (>= 2.1.1)
      Microsoft.Extensions.DependencyModel (>= 2.0)
      Microsoft.Extensions.Hosting.Abstractions (>= 2.1)
      Microsoft.Extensions.Logging (>= 2.0)
      Microsoft.Extensions.Options.ConfigurationExtensions (>= 2.1.1)
      Microsoft.Orleans.Core.Abstractions (>= 2.3.2)
      Newtonsoft.Json (>= 10.0.3)
      System.Collections.Immutable (>= 1.4)
      System.ComponentModel.TypeConverter (>= 4.3)
      System.Diagnostics.FileVersionInfo (>= 4.3)
      System.Diagnostics.Process (>= 4.3)
      System.Diagnostics.TraceSource (>= 4.3)
      System.Linq.Expressions (>= 4.3)
      System.Net.NameResolution (>= 4.3)
      System.Net.NetworkInformation (>= 4.3)
      System.Reflection.Emit (>= 4.3)
      System.Reflection.Emit.Lightweight (>= 4.3)
      System.Reflection.Metadata (>= 1.5)
      System.Reflection.TypeExtensions (>= 4.4)
      System.Runtime (>= 4.3)
      System.Runtime.Serialization.Formatters (>= 4.3)
      System.Runtime.Serialization.Primitives (>= 4.3)
      System.Security.Cryptography.Algorithms (>= 4.3)
      System.Threading.Thread (>= 4.3)
      System.Threading.ThreadPool (>= 4.3)
      System.ValueTuple (>= 4.4)
      System.Xml.XmlDocument (>= 4.3)
      System.Xml.XPath.XmlDocument (>= 4.3)
    Microsoft.Orleans.Core.Abstractions (2.3.2)
      System.Memory (>= 4.5.1)
      System.Runtime.Serialization.Formatters (>= 4.3)
    Microsoft.Orleans.OrleansCodeGenerator (2.3.2)
      Microsoft.CodeAnalysis.CSharp (>= 2.8.2)
      Microsoft.Orleans.Core (>= 2.3.2)
      System.Reflection (>= 4.3)
      System.Runtime (>= 4.3)
      System.Runtime.Serialization.Formatters (>= 4.3)
      System.Threading.Tasks.Extensions (>= 4.4)
    Microsoft.Orleans.OrleansCodeGenerator.Build (2.3.2)
    Microsoft.Orleans.OrleansProviders (2.3.2)
      Microsoft.Orleans.Core (>= 2.3.2)
      Microsoft.Orleans.Runtime.Abstractions (>= 2.3.2)
    Microsoft.Orleans.OrleansRuntime (2.3.2)
      Microsoft.Extensions.Hosting.Abstractions (>= 2.1)
      Microsoft.Extensions.Options (>= 2.1.1)
      Microsoft.Orleans.Core (>= 2.3.2)
      Microsoft.Orleans.Runtime.Abstractions (>= 2.3.2)
    Microsoft.Orleans.OrleansSqlUtils (2.3.2)
      Microsoft.Orleans.Clustering.AdoNet (>= 2.3.2)
      Microsoft.Orleans.OrleansProviders (>= 2.3.2)
      Microsoft.Orleans.Persistence.AdoNet (>= 2.3.2)
      Microsoft.Orleans.Reminders.AdoNet (>= 2.3.2)
      Microsoft.Orleans.Runtime.Abstractions (>= 2.3.2)
    Microsoft.Orleans.OrleansTelemetryConsumers.Counters (2.3.2)
      Microsoft.Extensions.Logging.Console (>= 2.0)
      Microsoft.Orleans.Core (>= 2.3.2)
      Microsoft.Orleans.Runtime.Abstractions (>= 2.3.2)
      System.Diagnostics.PerformanceCounter (>= 4.5)
      System.Management (>= 4.5)
    Microsoft.Orleans.OrleansZooKeeperUtils (2.3.2)
      Microsoft.Orleans.Runtime.Abstractions (>= 2.3.2)
      ZooKeeperNetEx (>= 3.4.12.1)
    Microsoft.Orleans.Persistence.AdoNet (2.3.2)
      Microsoft.Orleans.OrleansProviders (>= 2.3.2)
      Microsoft.Orleans.Runtime.Abstractions (>= 2.3.2)
      System.Data.Common (>= 4.3)
    Microsoft.Orleans.Reminders.AdoNet (2.3.2)
      Microsoft.Orleans.OrleansProviders (>= 2.3.2)
      Microsoft.Orleans.Runtime.Abstractions (>= 2.3.2)
      System.Data.Common (>= 4.3)
    Microsoft.Orleans.Runtime.Abstractions (2.3.2)
      Microsoft.Extensions.Hosting.Abstractions (>= 2.1)
      Microsoft.Extensions.Options (>= 2.1.1)
      Microsoft.Orleans.Core (>= 2.3.2)
    Microsoft.Orleans.Server (2.3.2)
      Microsoft.Orleans.OrleansProviders (>= 2.3.2)
      Microsoft.Orleans.OrleansRuntime (>= 2.3.2)
    NETStandard.Library (2.0.3)
      Microsoft.NETCore.Platforms (>= 1.1)
    Newtonsoft.Json (10.0.3)
    Ninject (3.3.4)
    Ninject.Extensions.Conventions (3.3)
      Ninject.Extensions.Factory (>= 3.3.2)
    Ninject.Extensions.Factory (3.3.2)
      Castle.Core (>= 4.2)
      Ninject (>= 3.3.3)
    Nito.AsyncEx (4.0.1)
      Microsoft.Bcl (>= 1.1.10)
      Microsoft.Bcl.Async (>= 1.0.168)
      Microsoft.Bcl.Build (>= 1.0.21)
    NLog (4.5.11)
    NSubstitute (3.1)
      Castle.Core (>= 4.2)
      System.Threading.Tasks.Extensions (>= 4.3)
    Nuget.CommandLine (4.9.2)
    NUnit (3.11)
    RichardSzalay.MockHttp (5.0)
    Shouldly (3.0.2)
    System.Buffers (4.5)
    System.Collections.Immutable (1.5)
    System.Collections.NonGeneric (4.3)
    System.ComponentModel.Annotations (4.5)
    System.ComponentModel.Primitives (4.3)
    System.ComponentModel.TypeConverter (4.3)
      System.Collections.NonGeneric (>= 4.3)
      System.ComponentModel.Primitives (>= 4.3)
    System.Data.Common (4.3)
    System.Diagnostics.FileVersionInfo (4.3)
    System.Diagnostics.PerformanceCounter (4.5)
    System.Diagnostics.Process (4.3)
    System.Diagnostics.TraceSource (4.3)
    System.IO (4.3)
    System.Linq.Expressions (4.3)
    System.Management (4.5)
    System.Memory (4.5.3)
      System.Buffers (>= 4.4)
      System.Numerics.Vectors (>= 4.4)
      System.Runtime.CompilerServices.Unsafe (>= 4.5.2)
    System.Net.NameResolution (4.3)
    System.Net.NetworkInformation (4.3)
    System.Numerics.Vectors (4.5)
    System.Reflection (4.3)
    System.Reflection.Emit (4.3)
    System.Reflection.Emit.Lightweight (4.3)
    System.Reflection.Metadata (1.6)
      System.Collections.Immutable (>= 1.5)
    System.Reflection.TypeExtensions (4.5.1)
    System.Runtime (4.3.1)
    System.Runtime.CompilerServices.Unsafe (4.5.2)
    System.Runtime.InteropServices.RuntimeInformation (4.3)
    System.Runtime.Serialization.Formatters (4.3)
      System.Runtime.Serialization.Primitives (>= 4.3)
    System.Runtime.Serialization.Primitives (4.3)
    System.Security.Cryptography.Algorithms (4.3.1)
      System.IO (>= 4.3)
      System.Runtime (>= 4.3)
      System.Security.Cryptography.Encoding (>= 4.3)
      System.Security.Cryptography.Primitives (>= 4.3)
    System.Security.Cryptography.Encoding (4.3)
    System.Security.Cryptography.Primitives (4.3)
    System.Text.Encoding.CodePages (4.5.1)
      System.Runtime.CompilerServices.Unsafe (>= 4.5.2)
    System.Threading.Tasks.Dataflow (4.9)
    System.Threading.Tasks.Extensions (4.5.2)
      System.Runtime.CompilerServices.Unsafe (>= 4.5.2)
    System.Threading.Thread (4.3)
    System.Threading.ThreadPool (4.3)
    System.ValueTuple (4.5)
    System.Xml.XmlDocument (4.3)
    System.Xml.XPath (4.3)
    System.Xml.XPath.XmlDocument (4.3)
      System.Xml.XmlDocument (>= 4.3)
      System.Xml.XPath (>= 4.3)
    ZooKeeperNetEx (3.4.12.1)
      NETStandard.Library (>= 1.6.1)
      System.Diagnostics.TraceSource (>= 4.3)
      System.Net.NameResolution (>= 4.3)
