REDIRECTS: OFF
COPY-CONTENT-TO-OUTPUT-DIR: ALWAYS
CONTENT: ONCE
RESTRICTION: == net472
NUGET
  remote: https://api.nuget.org/v3/index.json
    Castle.Core (4.4)
    DataAnnotationsValidator (2.1)
    FluentAssertions (5.10.3)
    Gigya.ServiceContract (2.7.1)
      Newtonsoft.Json (>= 9.0.1)
    Metrics.NET (0.5.5)
    Microsoft.AspNetCore.Connections.Abstractions (3.1.2)
      Microsoft.AspNetCore.Http.Features (>= 3.1.2)
      Microsoft.Bcl.AsyncInterfaces (>= 1.1)
      System.IO.Pipelines (>= 4.7)
    Microsoft.AspNetCore.Http.Features (3.1.2)
      Microsoft.Extensions.Primitives (>= 3.1.2)
      System.IO.Pipelines (>= 4.7)
    Microsoft.Bcl (1.1.10)
      Microsoft.Bcl.Build (>= 1.0.14)
    Microsoft.Bcl.Async (1.0.168)
      Microsoft.Bcl (>= 1.1.8)
    Microsoft.Bcl.AsyncInterfaces (1.1)
      System.Threading.Tasks.Extensions (>= 4.5.2)
    Microsoft.Bcl.Build (1.0.21) - import_targets: false
    Microsoft.CodeAnalysis.Analyzers (3.0.0-beta2.20059.3)
    Microsoft.CodeAnalysis.Common (3.5)
      Microsoft.CodeAnalysis.Analyzers (>= 3.0.0-beta2.20059.3)
      System.Collections.Immutable (>= 1.5)
      System.Memory (>= 4.5.3)
      System.Reflection.Metadata (>= 1.6)
      System.Runtime.CompilerServices.Unsafe (>= 4.6)
      System.Text.Encoding.CodePages (>= 4.5.1)
      System.Threading.Tasks.Extensions (>= 4.5.3)
    Microsoft.CodeAnalysis.CSharp (3.5)
      Microsoft.CodeAnalysis.Common (3.5)
    Microsoft.Extensions.Configuration (3.1.2)
      Microsoft.Extensions.Configuration.Abstractions (>= 3.1.2)
    Microsoft.Extensions.Configuration.Abstractions (3.1.2)
      Microsoft.Extensions.Primitives (>= 3.1.2)
    Microsoft.Extensions.Configuration.Binder (3.1.2)
      Microsoft.Extensions.Configuration (>= 3.1.2)
    Microsoft.Extensions.DependencyInjection (3.1.2)
      Microsoft.Bcl.AsyncInterfaces (>= 1.1)
      Microsoft.Extensions.DependencyInjection.Abstractions (>= 3.1.2)
    Microsoft.Extensions.DependencyInjection.Abstractions (3.1.2)
    Microsoft.Extensions.DependencyModel (3.1.2)
      Newtonsoft.Json (>= 9.0.1)
      System.Runtime.InteropServices.RuntimeInformation (>= 4.0)
    Microsoft.Extensions.FileProviders.Abstractions (3.1.2)
      Microsoft.Extensions.Primitives (>= 3.1.2)
    Microsoft.Extensions.Hosting.Abstractions (3.1.2)
      Microsoft.Bcl.AsyncInterfaces (>= 1.1)
      Microsoft.Extensions.Configuration.Abstractions (>= 3.1.2)
      Microsoft.Extensions.DependencyInjection.Abstractions (>= 3.1.2)
      Microsoft.Extensions.FileProviders.Abstractions (>= 3.1.2)
      Microsoft.Extensions.Logging.Abstractions (>= 3.1.2)
    Microsoft.Extensions.Logging (3.1.2)
      Microsoft.Extensions.Configuration.Binder (>= 3.1.2)
      Microsoft.Extensions.DependencyInjection (>= 3.1.2)
      Microsoft.Extensions.Logging.Abstractions (>= 3.1.2)
      Microsoft.Extensions.Options (>= 3.1.2)
    Microsoft.Extensions.Logging.Abstractions (3.1.2)
    Microsoft.Extensions.Logging.Configuration (3.1.2)
      Microsoft.Extensions.Logging (>= 3.1.2)
      Microsoft.Extensions.Options.ConfigurationExtensions (>= 3.1.2)
    Microsoft.Extensions.Logging.Console (3.1.2)
      Microsoft.Extensions.Configuration.Abstractions (>= 3.1.2)
      Microsoft.Extensions.Logging (>= 3.1.2)
      Microsoft.Extensions.Logging.Configuration (>= 3.1.2)
    Microsoft.Extensions.Options (3.1.2)
      Microsoft.Extensions.DependencyInjection.Abstractions (>= 3.1.2)
      Microsoft.Extensions.Primitives (>= 3.1.2)
      System.ComponentModel.Annotations (>= 4.7)
    Microsoft.Extensions.Options.ConfigurationExtensions (3.1.2)
      Microsoft.Extensions.Configuration.Abstractions (>= 3.1.2)
      Microsoft.Extensions.Configuration.Binder (>= 3.1.2)
      Microsoft.Extensions.DependencyInjection.Abstractions (>= 3.1.2)
      Microsoft.Extensions.Options (>= 3.1.2)
    Microsoft.Extensions.Primitives (3.1.2)
      System.Memory (>= 4.5.2)
      System.Runtime.CompilerServices.Unsafe (>= 4.7)
    Microsoft.Orleans.Client (3.1.3)
      Microsoft.Orleans.OrleansProviders (>= 3.1.3)
    Microsoft.Orleans.Clustering.AdoNet (3.1.3)
      Microsoft.Orleans.OrleansProviders (>= 3.1.3)
      Microsoft.Orleans.Runtime.Abstractions (>= 3.1.3)
      System.Data.Common (>= 4.3)
    Microsoft.Orleans.Connections.Security (3.1.3)
      Microsoft.AspNetCore.Connections.Abstractions (>= 3.0)
      Microsoft.Extensions.Configuration (>= 3.0)
      Microsoft.Extensions.Hosting.Abstractions (>= 3.0)
      Microsoft.Extensions.Logging (>= 3.0)
      Microsoft.Orleans.Core (>= 3.1.3)
      Microsoft.Orleans.Runtime.Abstractions (>= 3.1.3)
      System.Buffers (>= 4.5)
      System.Diagnostics.EventLog (>= 4.7)
      System.IO.Pipelines (>= 4.7)
      System.Memory (>= 4.5.3)
      System.Threading.Tasks.Extensions (>= 4.5.3)
    Microsoft.Orleans.Core (3.1.3)
      Microsoft.AspNetCore.Connections.Abstractions (>= 3.0)
      Microsoft.Bcl.AsyncInterfaces (>= 1.1)
      Microsoft.Extensions.Configuration (>= 3.0)
      Microsoft.Extensions.DependencyInjection (>= 3.0)
      Microsoft.Extensions.DependencyModel (>= 3.0)
      Microsoft.Extensions.Hosting.Abstractions (>= 3.0)
      Microsoft.Extensions.Logging (>= 3.0)
      Microsoft.Extensions.Options.ConfigurationExtensions (>= 3.0)
      Microsoft.Orleans.Core.Abstractions (>= 3.1.3)
      Newtonsoft.Json (>= 10.0.3)
      System.Buffers (>= 4.5)
      System.Collections.Immutable (>= 1.7)
      System.Diagnostics.DiagnosticSource (>= 4.7)
      System.IO.Pipelines (>= 4.7)
      System.Memory (>= 4.5.3)
      System.Reflection.Emit (>= 4.7)
      System.Reflection.Emit.Lightweight (>= 4.7)
      System.Reflection.Metadata (>= 1.8)
      System.Runtime (>= 4.3.1)
      System.Threading.Channels (>= 4.7)
      System.ValueTuple (>= 4.5)
    Microsoft.Orleans.Core.Abstractions (3.1.3)
      System.Memory (>= 4.5.3)
      System.Threading.Tasks.Extensions (>= 4.5.3)
    Microsoft.Orleans.OrleansCodeGenerator (3.1.3)
      Microsoft.CodeAnalysis.CSharp (>= 3.4)
      Microsoft.Orleans.Core (>= 3.1.3)
      System.Runtime (>= 4.3.1)
      System.Threading.Tasks.Extensions (>= 4.5.3)
    Microsoft.Orleans.OrleansCodeGenerator.Build (3.1.3)
    Microsoft.Orleans.OrleansProviders (3.1.3)
      Microsoft.Orleans.Core (>= 3.1.3)
      Microsoft.Orleans.Runtime.Abstractions (>= 3.1.3)
    Microsoft.Orleans.OrleansRuntime (3.1.3)
      Microsoft.AspNetCore.Connections.Abstractions (>= 3.0)
      Microsoft.Extensions.Hosting.Abstractions (>= 3.0)
      Microsoft.Extensions.Options (>= 3.0)
      Microsoft.Orleans.Core (>= 3.1.3)
      Microsoft.Orleans.Runtime.Abstractions (>= 3.1.3)
      System.Buffers (>= 4.5)
      System.Memory (>= 4.5.3)
      System.Threading.Channels (>= 4.7)
      System.Threading.Tasks.Extensions (>= 4.5.3)
    Microsoft.Orleans.OrleansSqlUtils (2.4.5)
      Microsoft.Orleans.Clustering.AdoNet (>= 2.4.5)
      Microsoft.Orleans.OrleansProviders (>= 2.4.5)
      Microsoft.Orleans.Persistence.AdoNet (>= 2.4.5)
      Microsoft.Orleans.Reminders.AdoNet (>= 2.4.5)
      Microsoft.Orleans.Runtime.Abstractions (>= 2.4.5)
    Microsoft.Orleans.OrleansTelemetryConsumers.Counters (3.1.2)
      Microsoft.Extensions.Logging.Console (>= 3.0)
      Microsoft.Orleans.Core (>= 3.1.2)
      Microsoft.Orleans.Runtime.Abstractions (>= 3.1.2)
      System.Diagnostics.PerformanceCounter (>= 4.5)
      System.Management (>= 4.5)
    Microsoft.Orleans.OrleansZooKeeperUtils (3.1.3)
      Microsoft.Orleans.Runtime.Abstractions (>= 3.1.3)
      ZooKeeperNetEx (>= 3.4.12.1)
    Microsoft.Orleans.Persistence.AdoNet (3.1.3)
      Microsoft.Orleans.OrleansProviders (>= 3.1.3)
      Microsoft.Orleans.Runtime.Abstractions (>= 3.1.3)
      System.Data.Common (>= 4.3)
    Microsoft.Orleans.Reminders.AdoNet (3.1.3)
      Microsoft.Orleans.OrleansProviders (>= 3.1.3)
      Microsoft.Orleans.Runtime.Abstractions (>= 3.1.3)
      System.Data.Common (>= 4.3)
      System.Memory (>= 4.5.3)
    Microsoft.Orleans.Runtime.Abstractions (3.1.3)
      Microsoft.Extensions.Hosting.Abstractions (>= 3.0)
      Microsoft.Extensions.Options (>= 3.0)
      Microsoft.Orleans.Core (>= 3.1.3)
    Microsoft.Orleans.Server (3.1.3)
      Microsoft.Orleans.OrleansProviders (>= 3.1.3)
      Microsoft.Orleans.OrleansRuntime (>= 3.1.3)
    Newtonsoft.Json (12.0.1)
    Ninject (3.3.4)
    Ninject.Extensions.Conventions (3.3)
      Ninject.Extensions.Factory (>= 3.3.2)
    Ninject.Extensions.Factory (3.3.2)
      Castle.Core (>= 4.2)
      Ninject (>= 3.3.3)
    Nito.AsyncEx (4.0.1)
      Microsoft.Bcl (>= 1.1.10)
      Microsoft.Bcl.Async (>= 1.0.168)
      Microsoft.Bcl.Build (>= 1.0.21)
    NLog (4.7)
    NSubstitute (4.2.1)
      Castle.Core (>= 4.4)
      System.Threading.Tasks.Extensions (>= 4.3)
    Nuget.CommandLine (5.4)
    NUnit (3.12)
    OrleansDashboard (3.0.8)
    RichardSzalay.MockHttp (5.0)
    Shouldly (3.0.2)
    System.Buffers (4.5)
    System.Collections.Immutable (1.7)
      System.Memory (>= 4.5.3)
    System.ComponentModel.Annotations (4.7)
    System.Data.Common (4.3)
    System.Diagnostics.DiagnosticSource (4.7)
      System.Memory (>= 4.5.3)
    System.Diagnostics.EventLog (4.7)
      System.Security.Principal.Windows (>= 4.7)
    System.Diagnostics.PerformanceCounter (4.5)
    System.IO.Pipelines (4.7)
      System.Buffers (>= 4.5)
      System.Memory (>= 4.5.3)
      System.Threading.Tasks.Extensions (>= 4.5.2)
    System.Management (4.7)
    System.Memory (4.5.3)
      System.Buffers (>= 4.4)
      System.Numerics.Vectors (>= 4.4)
      System.Runtime.CompilerServices.Unsafe (>= 4.5.2)
    System.Numerics.Vectors (4.5)
    System.Reflection.Emit (4.7)
    System.Reflection.Emit.Lightweight (4.7)
    System.Reflection.Metadata (1.8)
      System.Collections.Immutable (>= 1.7)
    System.Runtime (4.3.1)
    System.Runtime.CompilerServices.Unsafe (4.7)
    System.Runtime.InteropServices.RuntimeInformation (4.3)
    System.Security.Principal.Windows (4.7)
    System.Text.Encoding.CodePages (4.7)
      System.Runtime.CompilerServices.Unsafe (>= 4.7)
    System.Threading.Channels (4.7)
      System.Threading.Tasks.Extensions (>= 4.5.2)
    System.Threading.Tasks.Dataflow (4.11)
    System.Threading.Tasks.Extensions (4.5.3)
      System.Runtime.CompilerServices.Unsafe (>= 4.5.2)
    System.ValueTuple (4.5)
    ZooKeeperNetEx (3.4.12.4)
